PATH
  remote: ../..
  specs:
    parklife (0.2.0)
      capybara
      nokogiri
      thor

GEM
  remote: https://rubygems.org/
  specs:
    addressable (2.8.1)
      public_suffix (>= 2.0.2, < 6.0)
    capybara (3.38.0)
      addressable
      matrix
      mini_mime (>= 0.1.3)
      nokogiri (~> 1.8)
      rack (>= 1.6.0)
      rack-test (>= 0.6.3)
      regexp_parser (>= 1.5, < 3.0)
      xpath (~> 3.2)
    matrix (0.4.2)
    mini_mime (1.1.2)
    mini_portile2 (2.8.1)
    mustermann (1.0.3)
    nokogiri (1.14.2)
      mini_portile2 (~> 2.8.0)
      racc (~> 1.4)
    public_suffix (5.0.1)
    racc (1.6.2)
    rack (2.2.3)
    rack-protection (2.0.5)
      rack
    rack-test (2.0.2)
      rack (>= 1.3)
    regexp_parser (2.7.0)
    sinatra (2.0.5)
      mustermann (~> 1.0)
      rack (~> 2.0)
      rack-protection (= 2.0.5)
      tilt (~> 2.0)
    thor (1.2.1)
    tilt (2.0.9)
    xpath (3.2.0)
      nokogiri (~> 1.8)

PLATFORMS
  ruby

DEPENDENCIES
  parklife!
  sinatra

BUNDLED WITH
   2.4.7
